GEM
  remote: https://rubygems.org/
  specs:
    addressable (2.8.0)
      public_suffix (>= 2.0.2, < 5.0)
    coderay (1.1.2)
    colorize (0.8.1)
    connection_pool (2.2.5)
    curb (0.9.10)
    domain_name (0.5.20190701)
      unf (>= 0.0.5, < 1.0.0)
    http-cookie (1.0.5)
      domain_name (~> 0.5)
    mechanize (2.8.5)
      addressable (~> 2.8)
      domain_name (~> 0.5, >= 0.5.20190701)
      http-cookie (~> 1.0, >= 1.0.3)
      mime-types (~> 3.0)
      net-http-digest_auth (~> 1.4, >= 1.4.1)
      net-http-persistent (>= 2.5.2, < 5.0.dev)
      nokogiri (~> 1.11, >= 1.11.2)
      rubyntlm (~> 0.6, >= 0.6.3)
      webrick (~> 1.7)
      webrobots (~> 0.1.2)
    method_source (0.9.0)
    mime-types (3.4.1)
      mime-types-data (~> 3.2015)
    mime-types-data (3.2022.0105)
    mini_portile2 (2.8.0)
    net-http-digest_auth (1.4.1)
    net-http-persistent (4.0.1)
      connection_pool (~> 2.2)
    nokogiri (1.13.6)
      mini_portile2 (~> 2.8.0)
      racc (~> 1.4)
    parallel (1.12.0)
    pry (0.11.2)
      coderay (~> 1.1.0)
      method_source (~> 0.9.0)
    public_suffix (4.0.7)
    racc (1.6.0)
    rubyntlm (0.6.3)
    unf (0.1.4)
      unf_ext
    unf_ext (0.0.8.2)
    webrick (1.7.0)
    webrobots (0.1.2)

PLATFORMS
  ruby

DEPENDENCIES
  colorize (~> 0.8)
  curb (~> 0.9)
  mechanize (~> 2.8)
  parallel (~> 1.12)
  pry (~> 0.11)

RUBY VERSION
   ruby 2.6.5p114

BUNDLED WITH
   1.17.3
